GEM
  remote: http://rubygems.org/
  specs:
    actionmailer (2.3.11)
      actionpack (= 2.3.11)
    actionpack (2.3.11)
      activesupport (= 2.3.11)
      rack (~> 1.1.0)
    activerecord (2.3.11)
      activesupport (= 2.3.11)
    activeresource (2.3.11)
      activesupport (= 2.3.11)
    activesupport (2.3.11)
    awesome_print (0.3.2)
    chronic (0.3.0)
    em-proxy (0.1.5)
      eventmachine
    eventmachine (0.12.10)
    exception_notification (2.3.3.0)
    fastercsv (1.5.4)
    haml (3.0.25)
    jrails (0.6.0)
    newrelic_rpm (3.3.0)
    nokogiri (1.4.4)
    pg (0.10.1)
    rack (1.1.0)
    rails (2.3.11)
      actionmailer (= 2.3.11)
      actionpack (= 2.3.11)
      activerecord (= 2.3.11)
      activeresource (= 2.3.11)
      activesupport (= 2.3.11)
      rake (>= 0.8.3)
    rake (0.8.7)
    sanitize (2.0.0)
      nokogiri (~> 1.4.4)
    will_paginate (2.3.15)

PLATFORMS
  ruby

DEPENDENCIES
  awesome_print
  chronic
  em-proxy
  exception_notification (~> 2.3.3.0)
  fastercsv
  haml
  jrails
  newrelic_rpm
  pg
  rails (= 2.3.11)
  sanitize
  will_paginate
