GEM
  remote: http://rubygems.org/
  specs:
    actionmailer (2.3.14)
      actionpack (= 2.3.14)
    actionpack (2.3.14)
      activesupport (= 2.3.14)
      rack (~> 1.1.0)
    activerecord (2.3.14)
      activesupport (= 2.3.14)
    activeresource (2.3.14)
      activesupport (= 2.3.14)
    activesupport (2.3.14)
    airbrake (3.0.9)
      activesupport
      builder
    awesome_print (1.0.2)
    builder (3.0.0)
    capistrano (2.9.0)
      highline
      net-scp (>= 1.0.0)
      net-sftp (>= 2.0.0)
      net-ssh (>= 2.0.14)
      net-ssh-gateway (>= 1.1.0)
    chronic (0.6.7)
    coderay (1.0.6)
    columnize (0.3.6)
    debugger (1.1.0)
      columnize (>= 0.3.1)
      debugger-linecache (~> 1.1)
      debugger-ruby_core_source (~> 1.1)
    debugger-linecache (1.1.1)
      debugger-ruby_core_source (>= 1.1.1)
    debugger-ruby_core_source (1.1.1)
    em-proxy (0.1.6)
      eventmachine
    eventmachine (0.12.10)
    fastercsv (1.5.4)
    haml (3.1.4)
    highline (1.6.11)
    jrails (0.6.0)
    method_source (0.7.1)
    net-scp (1.0.4)
      net-ssh (>= 1.99.1)
    net-sftp (2.0.5)
      net-ssh (>= 2.0.9)
    net-ssh (2.3.0)
    net-ssh-gateway (1.1.0)
      net-ssh (>= 1.99.1)
    newrelic_rpm (3.3.3)
    nokogiri (1.5.2)
    o2h (0.1.16)
      capistrano (~> 2.9.0)
      newrelic_rpm (~> 3.3.0)
      pg_dumper (~> 0.1.7)
      rvm-capistrano (~> 1.0)
    pg (0.13.2)
    pg_dumper (0.1.7)
    pry (0.9.8.4)
      coderay (~> 1.0.5)
      method_source (~> 0.7.1)
      slop (>= 2.4.4, < 3)
    rack (1.1.3)
    rails (2.3.14)
      actionmailer (= 2.3.14)
      actionpack (= 2.3.14)
      activerecord (= 2.3.14)
      activeresource (= 2.3.14)
      activesupport (= 2.3.14)
      rake (>= 0.8.3)
    rake (0.9.2.2)
    rvm-capistrano (1.0.2)
      capistrano (>= 2.0.0)
    sanitize (2.0.3)
      nokogiri (>= 1.4.4, < 1.6)
    slop (2.4.4)
    will_paginate (2.3.16)

PLATFORMS
  ruby

DEPENDENCIES
  airbrake
  awesome_print
  chronic
  debugger
  em-proxy
  fastercsv
  haml
  jrails
  o2h
  pg
  pry
  rails (= 2.3.14)
  sanitize
  will_paginate (~> 2.2)
