GEM
  remote: http://rubygems.org/
  specs:
    actionmailer (2.3.11)
      actionpack (= 2.3.11)
    actionpack (2.3.11)
      activesupport (= 2.3.11)
      rack (~> 1.1.0)
    activerecord (2.3.11)
      activesupport (= 2.3.11)
    activeresource (2.3.11)
      activesupport (= 2.3.11)
    activesupport (2.3.11)
    awesome_print (0.3.2)
    capistrano (2.9.0)
      highline
      net-scp (>= 1.0.0)
      net-sftp (>= 2.0.0)
      net-ssh (>= 2.0.14)
      net-ssh-gateway (>= 1.1.0)
    chronic (0.3.0)
    columnize (0.3.5)
    em-proxy (0.1.5)
      eventmachine
    eventmachine (0.12.10)
    exception_notification (2.3.3.0)
    fastercsv (1.5.4)
    haml (3.0.25)
    highline (1.6.11)
    jrails (0.6.0)
    linecache (0.46)
      rbx-require-relative (> 0.0.4)
    net-scp (1.0.4)
      net-ssh (>= 1.99.1)
    net-sftp (2.0.5)
      net-ssh (>= 2.0.9)
    net-ssh (2.3.0)
    net-ssh-gateway (1.1.0)
      net-ssh (>= 1.99.1)
    newrelic_rpm (3.3.1)
    nokogiri (1.4.4)
    o2h (0.1.14)
      capistrano (~> 2.9.0)
      newrelic_rpm (~> 3.3.0)
      pg_dumper (~> 0.1.7)
      rvm (~> 1.9.2)
    pg (0.10.1)
    pg_dumper (0.1.7)
    rack (1.1.0)
    rails (2.3.11)
      actionmailer (= 2.3.11)
      actionpack (= 2.3.11)
      activerecord (= 2.3.11)
      activeresource (= 2.3.11)
      activesupport (= 2.3.11)
      rake (>= 0.8.3)
    rake (0.8.7)
    rbx-require-relative (0.0.5)
    ruby-debug (0.10.4)
      columnize (>= 0.1)
      ruby-debug-base (~> 0.10.4.0)
    ruby-debug-base (0.10.4)
      linecache (>= 0.3)
    rvm (1.9.2)
    sanitize (2.0.0)
      nokogiri (~> 1.4.4)
    will_paginate (2.3.15)

PLATFORMS
  ruby

DEPENDENCIES
  awesome_print
  chronic
  em-proxy
  exception_notification (~> 2.3.3.0)
  fastercsv
  haml
  jrails
  o2h
  pg
  rails (= 2.3.11)
  ruby-debug
  sanitize
  will_paginate
